GEM
  remote: https://rubygems.org/
  specs:
    activemodel (4.0.2)
      activesupport (= 4.0.2)
      builder (~> 3.1.0)
    activerecord (4.0.2)
      activemodel (= 4.0.2)
      activerecord-deprecated_finders (~> 1.0.2)
      activesupport (= 4.0.2)
      arel (~> 4.0.0)
    activerecord-deprecated_finders (1.0.3)
    activesupport (4.0.2)
      i18n (~> 0.6, >= 0.6.4)
      minitest (~> 4.2)
      multi_json (~> 1.3)
      thread_safe (~> 0.1)
      tzinfo (~> 0.3.37)
    arel (4.0.1)
    atomic (1.1.14)
    builder (3.1.4)
    diff-lcs (1.2.5)
    dotenv (0.9.0)
    foreman (0.63.0)
      dotenv (>= 0.7)
      thor (>= 0.13.6)
    http_router (0.11.0)
      rack (>= 1.0.0)
      url_mount (~> 0.2.1)
    i18n (0.6.9)
    kgio (2.8.1)
    mail (2.5.4)
      mime-types (~> 1.16)
      treetop (~> 1.4.8)
    mime-types (1.25.1)
    minitest (4.7.5)
    moneta (0.7.20)
    multi_json (1.8.4)
    padrino (0.12.0.rc3)
      padrino-admin (= 0.12.0.rc3)
      padrino-cache (= 0.12.0.rc3)
      padrino-core (= 0.12.0.rc3)
      padrino-gen (= 0.12.0.rc3)
      padrino-helpers (= 0.12.0.rc3)
      padrino-mailer (= 0.12.0.rc3)
    padrino-admin (0.12.0.rc3)
      padrino-core (= 0.12.0.rc3)
      padrino-helpers (= 0.12.0.rc3)
    padrino-cache (0.12.0.rc3)
      moneta (~> 0.7.0)
      padrino-core (= 0.12.0.rc3)
      padrino-helpers (= 0.12.0.rc3)
    padrino-core (0.12.0.rc3)
      activesupport (>= 3.1)
      http_router (~> 0.11.0)
      rack-protection (>= 1.5.0)
      sinatra (~> 1.4.2)
      thor (~> 0.17.0)
      tilt (~> 1.4.1)
    padrino-gen (0.12.0.rc3)
      bundler (~> 1.0)
      padrino-core (= 0.12.0.rc3)
    padrino-helpers (0.12.0.rc3)
      i18n (~> 0.6, >= 0.6.7)
      padrino-core (= 0.12.0.rc3)
    padrino-mailer (0.12.0.rc3)
      mail (~> 2.5.3)
      padrino-core (= 0.12.0.rc3)
    polyglot (0.3.3)
    rack (1.5.2)
    rack-protection (1.5.2)
      rack
    rack-test (0.6.2)
      rack (>= 1.0)
    raindrops (0.12.0)
    rake (10.1.1)
    rspec (2.14.1)
      rspec-core (~> 2.14.0)
      rspec-expectations (~> 2.14.0)
      rspec-mocks (~> 2.14.0)
    rspec-core (2.14.7)
    rspec-expectations (2.14.4)
      diff-lcs (>= 1.1.3, < 2.0)
    rspec-mocks (2.14.4)
    sinatra (1.4.4)
      rack (~> 1.4)
      rack-protection (~> 1.4)
      tilt (~> 1.3, >= 1.3.4)
    slack-post (0.0.1)
      yajl-ruby
    slim (2.0.2)
      temple (~> 0.6.6)
      tilt (>= 1.3.3, < 2.1)
    sqlite3 (1.3.8)
    temple (0.6.7)
    thor (0.17.0)
    thread_safe (0.1.3)
      atomic
    tilt (1.4.1)
    treetop (1.4.15)
      polyglot
      polyglot (>= 0.3.1)
    tzinfo (0.3.38)
    unicorn (4.8.0)
      kgio (~> 2.6)
      rack
      raindrops (~> 0.7)
    url_mount (0.2.1)
      rack
    yajl-ruby (1.2.0)

PLATFORMS
  ruby

DEPENDENCIES
  activerecord (>= 3.1)
  foreman
  padrino (= 0.12.0.rc3)
  rack-test
  rake
  rspec
  slack-post
  slim
  sqlite3
  unicorn
